GEM
  remote: https://rubygems.org/
  specs:
    ast (2.4.2)
    coderay (1.1.3)
    coveralls (0.8.23)
      json (>= 1.8, < 3)
      simplecov (~> 0.16.1)
      term-ansicolor (~> 1.3)
      thor (>= 0.19.4, < 2.0)
      tins (~> 1.6)
    docile (1.3.2)
    highline (2.0.3)
    hoe (3.23.0)
      rake (>= 0.8, < 15.0)
    json (2.3.0)
    method_source (1.0.0)
    mocha (1.13.0)
    parallel (1.20.1)
    parser (3.0.2.0)
      ast (~> 2.4.1)
    patir (0.9.0)
      systemu (~> 2.6)
    power_assert (2.0.0)
    pry (0.14.1)
      coderay (~> 1.1)
      method_source (~> 1.0)
    rainbow (3.0.0)
    rake (13.0.6)
    rdoc (6.3.4.1)
    regexp_parser (2.1.1)
    rexml (3.2.5)
    rubocop (1.16.1)
      parallel (~> 1.10)
      parser (>= 3.0.0.0)
      rainbow (>= 2.2.2, < 4.0)
      regexp_parser (>= 1.8, < 3.0)
      rexml
      rubocop-ast (>= 1.7.0, < 2.0)
      ruby-progressbar (~> 1.7)
      unicode-display_width (>= 1.4.0, < 3.0)
    rubocop-ast (1.8.0)
      parser (>= 3.0.1.1)
    ruby-progressbar (1.11.0)
    simplecov (0.16.1)
      docile (~> 1.1)
      json (>= 1.8, < 3)
      simplecov-html (~> 0.10.0)
    simplecov-html (0.10.2)
    sync (0.5.0)
    systemu (2.6.5)
    term-ansicolor (1.7.1)
      tins (~> 1.0)
    test-unit (3.4.4)
      power_assert
    thor (1.0.1)
    tins (1.24.1)
      sync
    unicode-display_width (2.0.0)

PLATFORMS
  ruby

DEPENDENCIES
  coveralls (~> 0.8.23)
  highline (~> 2.0.3)
  hoe (~> 3.23.0)
  mocha (~> 1.13.0)
  patir (~> 0.8)
  pry (~> 0.14.1)
  rdoc (~> 6.3.4)
  rubocop (~> 1.16.1)
  test-unit (~> 3.4.4)

BUNDLED WITH
   2.2.20
