GEM
  remote: https://rubygems.org/
  specs:
    coderay (1.1.3)
    coveralls (0.8.23)
      json (>= 1.8, < 3)
      simplecov (~> 0.16.1)
      term-ansicolor (~> 1.3)
      thor (>= 0.19.4, < 2.0)
      tins (~> 1.6)
    docile (1.3.2)
    highline (2.0.3)
    hoe (3.22.3)
      rake (>= 0.8, < 15.0)
    json (2.3.0)
    method_source (1.0.0)
    mocha (1.12.0)
    patir (0.9.0)
      systemu (~> 2.6)
    power_assert (2.0.0)
    pry (0.14.0)
      coderay (~> 1.1)
      method_source (~> 1.0)
    rake (13.0.3)
    rdoc (6.3.0)
    simplecov (0.16.1)
      docile (~> 1.1)
      json (>= 1.8, < 3)
      simplecov-html (~> 0.10.0)
    simplecov-html (0.10.2)
    sync (0.5.0)
    systemu (2.6.5)
    term-ansicolor (1.7.1)
      tins (~> 1.0)
    test-unit (3.4.0)
      power_assert
    thor (1.0.1)
    tins (1.24.1)
      sync

PLATFORMS
  ruby

DEPENDENCIES
  coveralls (~> 0.8.23)
  highline (~> 2.0.3)
  hoe (~> 3.22.3)
  mocha (~> 1.12.0)
  patir (~> 0.8)
  pry (~> 0.14.0)
  rdoc (~> 6.3.0)
  test-unit (~> 3.4.0)

BUNDLED WITH
   2.2.15
