GEM
  remote: https://rubygems.org/
  specs:
    coderay (1.1.2)
    coveralls (0.8.23)
      json (>= 1.8, < 3)
      simplecov (~> 0.16.1)
      term-ansicolor (~> 1.3)
      thor (>= 0.19.4, < 2.0)
      tins (~> 1.6)
    docile (1.3.2)
    highline (1.7.8)
    hoe (3.16.2)
      rake (>= 0.8, < 13.0)
    json (2.3.0)
    metaclass (0.0.4)
    method_source (0.8.2)
    mocha (1.2.1)
      metaclass (~> 0.0.1)
    patir (0.9.0)
      systemu (~> 2.6)
    power_assert (1.1.0)
    pry (0.11.0)
      coderay (~> 1.1.0)
      method_source (~> 0.8.1)
    rake (12.3.3)
    rdoc (5.0.0)
    simplecov (0.16.1)
      docile (~> 1.1)
      json (>= 1.8, < 3)
      simplecov-html (~> 0.10.0)
    simplecov-html (0.10.2)
    sync (0.5.0)
    systemu (2.6.5)
    term-ansicolor (1.7.1)
      tins (~> 1.0)
    test-unit (3.2.6)
      power_assert
    thor (1.0.1)
    tins (1.24.1)
      sync

PLATFORMS
  ruby

DEPENDENCIES
  coveralls (>= 0.8.21)
  highline (~> 1.7)
  hoe (~> 3.16.1)
  mocha (~> 1.2.1)
  patir (~> 0.8)
  pry
  rdoc (~> 5.0.0)
  test-unit (~> 3.2.3)

BUNDLED WITH
   2.2.20
